GEM
  remote: https://rubygems.org/
  specs:
    ceedling (0.29.1)
      constructor (>= 1.0.4)
      rake (>= 12.2.1)
      thor (>= 0.14.5)
    codeclimate-test-reporter (0.4.7)
      simplecov (>= 0.7.1, < 1.0.0)
    constructor (2.0.0)
    coveralls-lcov (1.1.2)
    docile (1.1.5)
    multi_json (1.11.0)
    rake (13.0.1)
    simplecov (0.9.2)
      docile (~> 1.1.0)
      multi_json (~> 1.0)
      simplecov-html (~> 0.9.0)
    simplecov-html (0.9.0)
    thor (1.0.1)

PLATFORMS
  ruby

DEPENDENCIES
  ceedling (>= 0.18.0)
  codeclimate-test-reporter
  coveralls-lcov
  simplecov

BUNDLED WITH
   1.17.3
