GEM
  remote: https://rubygems.org/
  specs:
    ceedling (0.31.1)
      constructor (~> 2)
      deep_merge (~> 1.2)
      rake (>= 12, < 14)
      thor (~> 0.14)
    codeclimate-test-reporter (0.4.7)
      simplecov (>= 0.7.1, < 1.0.0)
    constructor (2.0.0)
    coveralls-lcov (1.1.2)
    deep_merge (1.2.2)
    docile (1.1.5)
    multi_json (1.11.0)
    rake (13.0.6)
    simplecov (0.9.2)
      docile (~> 1.1.0)
      multi_json (~> 1.0)
      simplecov-html (~> 0.9.0)
    simplecov-html (0.9.0)
    thor (0.20.3)

PLATFORMS
  ruby

DEPENDENCIES
  ceedling
  codeclimate-test-reporter
  coveralls-lcov
  simplecov

BUNDLED WITH
   2.1.4
