GEM
  remote: https://rubygems.org/
  specs:
    ceedling (0.18.0)
      rake (>= 0.8.7)
      thor (>= 0.14.5)
    codeclimate-test-reporter (0.4.7)
      simplecov (>= 0.7.1, < 1.0.0)
    coveralls-lcov (1.1.2)
    docile (1.1.5)
    multi_json (1.11.0)
    rake (10.4.2)
    simplecov (0.9.2)
      docile (~> 1.1.0)
      multi_json (~> 1.0)
      simplecov-html (~> 0.9.0)
    simplecov-html (0.9.0)
    thor (0.19.1)

PLATFORMS
  ruby

DEPENDENCIES
  ceedling
  codeclimate-test-reporter
  coveralls-lcov
  simplecov
