GEM
  remote: http://rubygems.org/
  specs:
    constructor (2.0.0)
    diff-lcs (1.2.5)
    diy (1.1.2)
      constructor (>= 1.0.0)
    rake (10.3.2)
    require_all (1.3.2)
    rr (1.1.2)
    rspec (3.0.0)
      rspec-core (~> 3.0.0)
      rspec-expectations (~> 3.0.0)
      rspec-mocks (~> 3.0.0)
    rspec-core (3.0.3)
      rspec-support (~> 3.0.0)
    rspec-expectations (3.0.3)
      diff-lcs (>= 1.2.0, < 2.0)
      rspec-support (~> 3.0.0)
    rspec-mocks (3.0.3)
      rspec-support (~> 3.0.0)
    rspec-support (3.0.3)
    thor (0.19.1)

PLATFORMS
  ruby

DEPENDENCIES
  bundler (>= 1.3.5)
  constructor
  diy
  rake (>= 0.9.2.2)
  require_all
  rr
  rspec (~> 3.0)
  thor
